GEM
  remote: http://rubygems.org/
  specs:
    diff-lcs (1.3)
    highline (1.6.1)
    rake (0.8.7)
    rspec (2.99.0)
      rspec-core (~> 2.99.0)
      rspec-expectations (~> 2.99.0)
      rspec-mocks (~> 2.99.0)
    rspec-core (2.99.2)
    rspec-expectations (2.99.2)
      diff-lcs (>= 1.1.3, < 2.0)
    rspec-mocks (2.99.4)

PLATFORMS
  ruby

DEPENDENCIES
  highline
  rake
  rspec (= 2.99.0)

BUNDLED WITH
   1.16.6
